GEM
  remote: http://rubygems.org/
  specs:
    diff-lcs (1.1.3)
    guard (0.8.4)
      thor (~> 0.14.6)
    guard-rspec (0.5.0)
      guard (>= 0.8.4)
    highline (1.6.2)
    rack (1.3.4)
    rack-protection (1.1.4)
      rack
    rake (0.9.2)
    rspec (2.6.0)
      rspec-core (~> 2.6.0)
      rspec-expectations (~> 2.6.0)
      rspec-mocks (~> 2.6.0)
    rspec-core (2.6.4)
    rspec-expectations (2.6.0)
      diff-lcs (~> 1.1.2)
    rspec-mocks (2.6.0)
    sinatra (1.3.1)
      rack (~> 1.3, >= 1.3.4)
      rack-protection (~> 1.1, >= 1.1.2)
      tilt (~> 1.3, >= 1.3.3)
    thor (0.14.6)
    tilt (1.3.3)

PLATFORMS
  ruby

DEPENDENCIES
  guard
  guard-rspec
  highline
  rake
  rspec
  sinatra
